GEM
  remote: http://rubygems.org/
  specs:
    ZenTest (4.5.0)
    git (1.2.5)
    jeweler (1.6.2)
      bundler (~> 1.0)
      git (>= 1.2.5)
      rake
    rake (0.9.2)
    rcov (0.9.9)
    rcov (0.9.9-java)
    shoulda (2.11.3)

PLATFORMS
  java
  ruby

DEPENDENCIES
  ZenTest
  jeweler
  rcov
  shoulda
