GEM
  remote: http://rubygems.org/
  specs:
    git (1.2.5)
    jeweler (1.6.4)
      bundler (~> 1.0)
      git (>= 1.2.5)
      rake
    json (1.8.6)
    rake (12.3.3)
    shoulda (2.11.3)

PLATFORMS
  ruby

DEPENDENCIES
  bundler (~> 1.17)
  jeweler (~> 1.6)
  json (~> 1.8)
  rake (~> 12.3.3)
  shoulda

BUNDLED WITH
   1.17.3
